GEM
  remote: https://rubygems.org/
  specs:
    camertron-eprun (1.1.1)
    cldr-plurals-runtime-rb (1.0.1)
    coderay (1.1.2)
    dotenv (2.2.1)
    httparty (0.16.0)
      multi_xml (>= 0.5.2)
    kitsu (0.1.5)
      httparty
      twitter_cldr
    method_source (0.9.0)
    multi_xml (0.6.0)
    mustermann (1.0.2)
    pry (0.11.3)
      coderay (~> 1.1.0)
      method_source (~> 0.9.0)
    rack (2.0.4)
    rack-protection (2.0.1)
      rack
    shotgun (0.9.2)
      rack (>= 1.0)
    sinatra (2.0.1)
      mustermann (~> 1.0)
      rack (~> 2.0)
      rack-protection (= 2.0.1)
      tilt (~> 2.0)
    thread_safe (0.3.6)
    tilt (2.0.8)
    twitter_cldr (4.4.3)
      camertron-eprun
      cldr-plurals-runtime-rb (~> 1.0)
      tzinfo
    tzinfo (1.2.5)
      thread_safe (~> 0.1)

PLATFORMS
  ruby

DEPENDENCIES
  dotenv
  kitsu
  pry
  shotgun
  sinatra

BUNDLED WITH
   1.16.1
